PATH
  remote: .
  specs:
    quickbasemapper (0.0.53)
      gmail
      gmail
      ipp_quickbase_devkit
      ipp_quickbase_devkit
      tlsmail
      tlsmail

GEM
  remote: http://rubygems.org/
  specs:
    activesupport (3.2.16)
      i18n (~> 0.6, >= 0.6.4)
      multi_json (~> 1.0)
    diff-lcs (1.2.5)
    gmail (0.4.0)
      gmail_xoauth (>= 0.3.0)
      mail (>= 2.2.1)
      mime (>= 0.1)
    gmail_xoauth (0.4.1)
      oauth (>= 0.3.6)
    i18n (0.6.9)
    ipp_quickbase_devkit (0.0.2)
      json
      rspec (>= 1.2.7)
    json (1.8.1)
    mail (2.5.4)
      mime-types (~> 1.16)
      treetop (~> 1.4.8)
    mime (0.2.0)
    mime-types (1.25.1)
    multi_json (1.8.4)
    oauth (0.4.7)
    polyglot (0.3.3)
    rake (10.1.1)
    rspec (2.14.1)
      rspec-core (~> 2.14.0)
      rspec-expectations (~> 2.14.0)
      rspec-mocks (~> 2.14.0)
    rspec-core (2.14.7)
    rspec-expectations (2.14.4)
      diff-lcs (>= 1.1.3, < 2.0)
    rspec-mocks (2.14.4)
    tlsmail (0.0.1)
    treetop (1.4.15)
      polyglot
      polyglot (>= 0.3.1)

PLATFORMS
  ruby

DEPENDENCIES
  activesupport (~> 3.2.9)
  quickbasemapper!
  rake
  rspec
