PATH
  remote: .
  specs:
    quickbasemapper (0.0.7)
      ipp_quickbase_devkit
      ipp_quickbase_devkit

GEM
  remote: http://rubygems.org/
  specs:
    activesupport (3.2.6)
      i18n (~> 0.6)
      multi_json (~> 1.0)
    diff-lcs (1.1.3)
    i18n (0.6.0)
    ipp_quickbase_devkit (0.0.2)
      json
      rspec (>= 1.2.7)
    json (1.7.3)
    multi_json (1.3.6)
    rake (0.9.2.2)
    rspec (2.10.0)
      rspec-core (~> 2.10.0)
      rspec-expectations (~> 2.10.0)
      rspec-mocks (~> 2.10.0)
    rspec-core (2.10.1)
    rspec-expectations (2.10.0)
      diff-lcs (~> 1.1.3)
    rspec-mocks (2.10.1)

PLATFORMS
  ruby

DEPENDENCIES
  activesupport
  quickbasemapper!
  rake
  rspec
